PATH
  remote: .
  specs:
    async_resource_pool (0.2.0)
      async

GEM
  remote: https://rubygems.org/
  specs:
    async (1.15.5)
      nio4r (~> 2.3)
      timers (~> 4.1)
    minitest (5.11.3)
    nio4r (2.3.1)
    rake (10.5.0)
    timers (4.3.0)

PLATFORMS
  ruby

DEPENDENCIES
  async_resource_pool!
  bundler (~> 2.0)
  minitest (~> 5.0)
  rake (~> 10.0)

BUNDLED WITH
   2.0.1
